GEM
  remote: https://rubygems.org/
  specs:
    awesome_print (1.2.0)
    kgio (2.8.1)
    mime-types (1.25)
    rack (1.5.2)
    rack-cors (0.2.8)
      rack
    rack-protection (1.5.0)
      rack
    raindrops (0.12.0)
    rest-client (1.6.7)
      mime-types (>= 1.16)
    sinatra (1.4.3)
      rack (~> 1.4)
      rack-protection (~> 1.4)
      tilt (~> 1.3, >= 1.3.4)
    tilt (1.4.1)
    unicorn (4.6.3)
      kgio (~> 2.6)
      rack
      raindrops (~> 0.7)

PLATFORMS
  ruby

DEPENDENCIES
  awesome_print
  rack
  rack-cors
  rest-client
  sinatra
  unicorn
